GIT
  remote: git://github.com/fumi/rdf-4store.git
  revision: 4a04008dfb3a6c9bc2c3354d736d0cb059f769fb
  specs:
    rdf-4store (0.0.3)
      equivalent-xml (>= 0.3.0)
      linkeddata (>= 0.3.5)
      rdf (>= 0.3.11.1)
      sparql-client (>= 0.3.3)

GIT
  remote: git://github.com/gkellogg/sinatra-respond_to.git
  revision: bba116582cc48622e6c4a824aeb803d47a117a18
  specs:
    sinatra-respond_to (0.8.0)
      sinatra (~> 1.3)

GIT
  remote: git://github.com/ruby-rdf/json-ld.git
  revision: 30de44aacc69c4cdb013b16d16e7a5594724c20f
  specs:
    json-ld (1.0.7)
      json (>= 1.7.5)
      rdf (>= 1.0.8)

GIT
  remote: git://github.com/ruby-rdf/linkeddata.git
  revision: aaf65a54e4f9f0dc586a634425d46c3541bdc465
  specs:
    linkeddata (1.0.5)
      json-ld (>= 0.9.1)
      rdf (>= 1.0.5)
      rdf-isomorphic (>= 1.0.1)
      rdf-json (>= 1.0)
      rdf-microdata (>= 1.0)
      rdf-n3 (>= 1.0)
      rdf-rdfa (>= 1.0)
      rdf-rdfxml (>= 1.0.1)
      rdf-trig (>= 1.0.0.beta3)
      rdf-trix (>= 1.0)
      rdf-turtle (>= 1.0.4)

GIT
  remote: git://github.com/ruby-rdf/rdf-aggregate-repo.git
  revision: 1aa06bc4e5ca621e5053795aa56215927132ca00
  specs:
    rdf-aggregate-repo (0.1.2)
      rdf (>= 1.0)

GIT
  remote: git://github.com/ruby-rdf/rdf-isomorphic.git
  revision: 7aa3d385c256aaad72f92cd3d73d7d7ebe78049f
  specs:
    rdf-isomorphic (1.0.2)
      rdf (>= 1.0)

GIT
  remote: git://github.com/ruby-rdf/rdf-json.git
  revision: 43a7cf7b61b79eeb3efbf827866a293beb579aff
  specs:
    rdf-json (1.0.0)
      json_pure (>= 1.4)
      rdf (>= 1.0.5)

GIT
  remote: git://github.com/ruby-rdf/rdf-microdata.git
  revision: 80454c6a6df4a5629c8afec9103f35f413428120
  specs:
    rdf-microdata (1.0.1)
      htmlentities (>= 4.3.0)
      json (>= 1.7.7)
      rdf (>= 1.0.7)
      rdf-xsd (>= 1.0)

GIT
  remote: git://github.com/ruby-rdf/rdf-n3.git
  revision: cef4994e5d13ef737addfcaff3231917c2a5a241
  specs:
    rdf-n3 (1.0.1)
      rdf (>= 1.0.7)

GIT
  remote: git://github.com/ruby-rdf/rdf-rdfa.git
  revision: 0cd18045e91fcbe1b8ce31d26d4ab1d29dd3abeb
  specs:
    rdf-rdfa (1.0.2)
      haml (>= 4.0)
      htmlentities (>= 4.3.1)
      rdf (>= 1.0.5)
      rdf-xsd (>= 1.0)

GIT
  remote: git://github.com/ruby-rdf/rdf-rdfxml.git
  revision: 6459fe93420651c2bc0c68909bb7a42aea5c863a
  specs:
    rdf-rdfxml (1.0.2)
      rdf (>= 1.0)
      rdf-xsd (>= 1.0)

GIT
  remote: git://github.com/ruby-rdf/rdf-trig.git
  revision: 790abff8e0b04b59fe87fe4b6a0150e4f0304da5
  specs:
    rdf-trig (1.0.3)
      ebnf (>= 0.3.0)
      rdf (>= 1.0.7)
      rdf-turtle (>= 1.0.9)

GIT
  remote: git://github.com/ruby-rdf/rdf-turtle.git
  revision: d4e64a2d8d2b06477651a9b4e65867723fcf2ed2
  specs:
    rdf-turtle (1.0.9)
      ebnf (>= 0.3.0)
      rdf (>= 1.0.7)

GIT
  remote: git://github.com/ruby-rdf/rdf-xsd.git
  revision: 95b980581f71701452d73d4b2fafc6bd549da174
  specs:
    rdf-xsd (1.0.2.1)
      nokogiri (>= 1.5.0)
      rdf (>= 0.3.4)

GIT
  remote: git://github.com/ruby-rdf/rdf.git
  revision: 753f54747e5360ab799e5a8eecbc05c86ccf62ad
  specs:
    rdf (1.0.8)
      addressable (>= 2.2)

GIT
  remote: git://github.com/ruby-rdf/sparql-client.git
  revision: 29256e69aa6919bd9fb7d2cae05c61ead05884c0
  specs:
    sparql-client (1.0.4.1)
      json_pure (>= 1.4)
      net-http-persistent (>= 1.4)
      rdf (>= 1.0)

GIT
  remote: git://github.com/ruby-rdf/sparql.git
  revision: aa45a6342d2436789467592ca9e1ffda8279ec46
  specs:
    sparql (1.1.0)
      builder (>= 3.0)
      ebnf (>= 0.3.0)
      json (>= 1.7)
      rdf (>= 1.0.7)
      rdf-aggregate-repo
      rdf-xsd (>= 1.0.2)
      sparql-client (>= 1.0.3)
      sxp (>= 0.1.3)

PATH
  remote: .
  specs:
    kosa (0.0.1dev)
      curb (>= 0.8.3)
      equivalent-xml (>= 0.3.0)
      erubis (>= 2.7.0)
      haml
      linkeddata (>= 1.0)
      maruku
      rack (>= 1.4.4)
      rack-cache
      sinatra (>= 1.3.3)
      sinatra-respond_to (>= 0.8.0)
      sparql (>= 1.0)

GEM
  remote: https://rubygems.org/
  specs:
    addressable (2.3.5)
    builder (3.2.2)
    bundler-unload (1.0.2)
    columnize (0.3.6)
    curb (0.8.5)
    data_objects (0.10.13)
      addressable (~> 2.1)
    debugger (1.6.2)
      columnize (>= 0.3.1)
      debugger-linecache (~> 1.2.0)
      debugger-ruby_core_source (~> 1.2.3)
    debugger-linecache (1.2.0)
    debugger-ruby_core_source (1.2.3)
    diff-lcs (1.2.4)
    dm-core (1.2.1)
      addressable (~> 2.3)
    dm-do-adapter (1.2.0)
      data_objects (~> 0.10.6)
      dm-core (~> 1.2.0)
    dm-migrations (1.2.0)
      dm-core (~> 1.2.0)
    dm-sqlite-adapter (1.2.0)
      dm-do-adapter (~> 1.2.0)
      do_sqlite3 (~> 0.10.6)
    do_sqlite3 (0.10.13)
      data_objects (= 0.10.13)
    ebnf (0.3.1)
      rdf
      sxp
    equivalent-xml (0.3.0)
      nokogiri (>= 1.4.3)
    erubis (2.7.0)
    eventful (1.0.1)
      methodphitamine (= 1.0.0)
    executable-hooks (1.2.3)
    ffi (1.9.0)
    fileutils (0.7)
      rmagick (>= 2.13.1)
    haml (4.0.3)
      tilt
    htmlentities (4.3.1)
    json (1.8.0)
    json_pure (1.8.0)
    maruku (0.7.0)
    methodphitamine (1.0.0)
    mime-types (1.25)
    mini_portile (0.5.1)
    net-http-persistent (2.9)
    nokogiri (1.6.0)
      mini_portile (~> 0.5.0)
    polyglot (0.3.3)
    rack (1.5.2)
    rack-cache (1.2)
      rack (>= 0.4)
    rack-protection (1.5.0)
      rack
    rack-test (0.6.2)
      rack (>= 1.0)
    rake (10.1.0)
    rdf-do (1.0.0)
      data_objects (>= 0.10.11)
      rdf (>= 1.0)
    rdf-raptor (1.0.1)
      ffi (>= 1.0)
      rdf (>= 1.0.0)
    rdf-trix (1.0.0)
      rdf (>= 1.0)
    redcarpet (3.0.0)
    rest-client (1.6.7)
      mime-types (>= 1.16)
    rmagick (2.13.2)
    rspec (2.14.1)
      rspec-core (~> 2.14.0)
      rspec-expectations (~> 2.14.0)
      rspec-mocks (~> 2.14.0)
    rspec-core (2.14.5)
    rspec-expectations (2.14.3)
      diff-lcs (>= 1.1.3, < 2.0)
    rspec-mocks (2.14.3)
    rubygems-bundler (1.3.4)
      bundler-unload (>= 1.0.2)
      executable-hooks (>= 1.2.3)
    shotgun (0.9)
      rack (>= 1.0)
    sinatra (1.4.3)
      rack (~> 1.4)
      rack-protection (~> 1.4)
      tilt (~> 1.3, >= 1.3.4)
    sinatra-flash (0.3.0)
      sinatra (>= 1.0.0)
    siren (0.2.0)
      eventful
      treetop
    sxp (0.1.3)
      json (>= 1.1.1)
    syntax (1.0.0)
    tilt (1.4.1)
    treetop (1.4.15)
      polyglot
      polyglot (>= 0.3.1)
    wirble (0.1.3)
    yard (0.8.7.2)

PLATFORMS
  ruby

DEPENDENCIES
  bundler
  debugger
  dm-core
  dm-migrations
  dm-sqlite-adapter
  fileutils
  json
  json-ld!
  kosa!
  linkeddata!
  nokogiri
  rack-test (>= 0.6.2)
  rake
  rdf!
  rdf-4store!
  rdf-aggregate-repo!
  rdf-do
  rdf-isomorphic!
  rdf-json!
  rdf-microdata!
  rdf-n3!
  rdf-raptor
  rdf-rdfa!
  rdf-rdfxml!
  rdf-trig!
  rdf-turtle!
  rdf-xsd!
  redcarpet
  rest-client
  rmagick
  rspec (>= 2.12.0)
  rubygems-bundler
  shotgun
  sinatra-flash
  sinatra-respond_to!
  siren
  sparql!
  sparql-client!
  syntax
  wirble
  yard
