PATH
  remote: .
  specs:
    kosa (0.1)
      erubis (>= 2.7.0)
      haml
      linkeddata (>= 1.0)
      maruku
      rack (>= 1.4.4)
      rack-cache
      rdf
      sinatra (>= 1.3.3)
      sinatra-respond_to (>= 0.8.0)

GEM
  remote: https://rubygems.org/
  specs:
    addressable (2.3.5)
    agraph (0.2)
      transport (~> 1.0.5)
    builder (3.2.2)
    bundler-unload (1.0.2)
    columnize (0.3.6)
    data_objects (0.10.13)
      addressable (~> 2.1)
    debugger (1.6.2)
      columnize (>= 0.3.1)
      debugger-linecache (~> 1.2.0)
      debugger-ruby_core_source (~> 1.2.3)
    debugger-linecache (1.2.0)
    debugger-ruby_core_source (1.2.3)
    diff-lcs (1.2.5)
    do_sqlite3 (0.10.13)
      data_objects (= 0.10.13)
    ebnf (0.3.1)
      rdf
      sxp
    equivalent-xml (0.3.0)
      nokogiri (>= 1.4.3)
    erubis (2.7.0)
    eventful (1.0.1)
      methodphitamine (= 1.0.0)
    executable-hooks (1.2.6)
    ffi (1.9.3)
    fileutils (0.7)
      rmagick (>= 2.13.1)
    haml (4.0.4)
      tilt
    htmlentities (4.3.1)
    json (1.8.1)
    json-ld (1.0.8.1)
      json (>= 1.7.5)
      rdf (>= 1.0.8)
    json_pure (1.8.1)
    linkeddata (1.0.9)
      json-ld (>= 1.0.7)
      rdf (>= 1.0.9)
      rdf-isomorphic (>= 1.0.2)
      rdf-json (>= 1.0)
      rdf-microdata (>= 1.0.2)
      rdf-n3 (>= 1.0.1)
      rdf-rdfa (>= 1.0.2)
      rdf-rdfxml (>= 1.0.2)
      rdf-trig (>= 1.0.3)
      rdf-trix (>= 1.0)
      rdf-turtle (>= 1.0.9)
    maruku (0.7.0)
    methodphitamine (1.0.0)
    mini_portile (0.5.2)
    net-http-persistent (2.9)
    nokogiri (1.6.0)
      mini_portile (~> 0.5.0)
    polyglot (0.3.3)
    rack (1.5.2)
    rack-cache (1.2)
      rack (>= 0.4)
    rack-protection (1.5.1)
      rack
    rake (10.1.0)
    rdf (1.0.10.2)
      addressable (>= 2.3)
    rdf-4store (0.0.2)
      nokogiri (>= 1.4.1)
      rdf (>= 0.2.2)
      sparql-client (>= 0.0.4)
    rdf-aggregate-repo (0.1.2)
      rdf (>= 1.0)
    rdf-agraph (0.4)
      agraph (~> 0.2)
      json (~> 1.7)
      rdf (~> 1.0)
    rdf-do (1.0.0)
      data_objects (>= 0.10.11)
      rdf (>= 1.0)
    rdf-isomorphic (1.0.2)
      rdf (>= 1.0)
    rdf-json (1.0.0)
      json_pure (>= 1.4)
      rdf (>= 1.0)
    rdf-microdata (1.0.3)
      htmlentities (>= 4.3.0)
      json (>= 1.7.7)
      rdf (>= 1.0.7)
      rdf-xsd (>= 1.0)
    rdf-n3 (1.0.2)
      rdf (>= 1.0.7)
    rdf-raptor (1.0.1)
      ffi (>= 1.0)
      rdf (>= 1.0.0)
    rdf-rdfa (1.0.3)
      haml (>= 4.0)
      htmlentities (>= 4.3.1)
      rdf (>= 1.0.5)
      rdf-xsd (>= 1.0)
    rdf-rdfxml (1.0.3)
      rdf (>= 1.0)
      rdf-xsd (>= 1.0)
    rdf-trig (1.0.3)
      ebnf (>= 0.3.0)
      rdf (>= 1.0.7)
      rdf-turtle (>= 1.0.9)
    rdf-trix (1.0.0)
      rdf (>= 1.0)
    rdf-turtle (1.0.9)
      ebnf (>= 0.3.0)
      rdf (>= 1.0.7)
    rdf-xsd (1.0.2.1)
      nokogiri (>= 1.5.0)
      rdf (>= 0.3.4)
    rdfs (0.0.0)
      rdf (>= 0.0.5)
    rmagick (2.13.2)
    rspec (2.14.1)
      rspec-core (~> 2.14.0)
      rspec-expectations (~> 2.14.0)
      rspec-mocks (~> 2.14.0)
    rspec-core (2.14.7)
    rspec-expectations (2.14.4)
      diff-lcs (>= 1.1.3, < 2.0)
    rspec-mocks (2.14.4)
    rubygems-bundler (1.4.2)
      bundler-unload (>= 1.0.2)
      executable-hooks (>= 1.2.5)
    sinatra (1.4.4)
      rack (~> 1.4)
      rack-protection (~> 1.4)
      tilt (~> 1.3, >= 1.3.4)
    sinatra-respond_to (0.9.0)
      sinatra (~> 1.3)
    siren (0.2.0)
      eventful
      treetop
    sparql (1.1.1)
      builder (>= 3.0)
      ebnf (>= 0.3.0)
      json (>= 1.7)
      rdf (~> 1.0.10)
      rdf-aggregate-repo
      rdf-xsd (~> 1.0.2)
      sparql-client (>= 1.0.3)
      sxp (>= 0.1.3)
    sparql-client (1.0.4.1)
      json_pure (>= 1.4)
      net-http-persistent (>= 1.4)
      rdf (>= 1.0)
    sxp (0.1.3)
      json (>= 1.1.1)
    tilt (1.4.1)
    transport (1.0.6)
    treetop (1.4.15)
      polyglot
      polyglot (>= 0.3.1)
    yajl-ruby (1.1.0)

PLATFORMS
  ruby

DEPENDENCIES
  bundler
  debugger
  do_sqlite3
  equivalent-xml
  fileutils
  json
  kosa!
  linkeddata
  rake
  rdf
  rdf-4store
  rdf-agraph
  rdf-do
  rdf-raptor
  rdfs
  rspec (>= 2.12.0)
  rubygems-bundler
  siren
  sparql
  yajl-ruby
